GIT
  remote: https://github.com/sis-berkeley-edu/jruby-activemq.git
  revision: 26cf938f9d52c269fdd9f73488b9e98a37dc317b
  specs:
    jruby-activemq (5.13.0-java)

GIT
  remote: https://github.com/sis-berkeley-edu/omniauth-cas.git
  revision: 4ae46bc740419b8491e60b0b366dd5bb87a71b8a
  specs:
    omniauth-cas (1.1.1)
      addressable (~> 2.7.0)
      nokogiri (~> 1.10.7)
      omniauth (~> 1.9.0)

GEM
  remote: https://rubygems.org/
  specs:
    actioncable (6.0.3.4)
      actionpack (= 6.0.3.4)
      nio4r (~> 2.0)
      websocket-driver (>= 0.6.1)
    actionmailbox (6.0.3.4)
      actionpack (= 6.0.3.4)
      activejob (= 6.0.3.4)
      activerecord (= 6.0.3.4)
      activestorage (= 6.0.3.4)
      activesupport (= 6.0.3.4)
      mail (>= 2.7.1)
    actionmailer (6.0.3.4)
      actionpack (= 6.0.3.4)
      actionview (= 6.0.3.4)
      activejob (= 6.0.3.4)
      mail (~> 2.5, >= 2.5.4)
      rails-dom-testing (~> 2.0)
    actionpack (6.0.3.4)
      actionview (= 6.0.3.4)
      activesupport (= 6.0.3.4)
      rack (~> 2.0, >= 2.0.8)
      rack-test (>= 0.6.3)
      rails-dom-testing (~> 2.0)
      rails-html-sanitizer (~> 1.0, >= 1.2.0)
    actiontext (6.0.3.4)
      actionpack (= 6.0.3.4)
      activerecord (= 6.0.3.4)
      activestorage (= 6.0.3.4)
      activesupport (= 6.0.3.4)
      nokogiri (>= 1.8.5)
    actionview (6.0.3.4)
      activesupport (= 6.0.3.4)
      builder (~> 3.1)
      erubi (~> 1.4)
      rails-dom-testing (~> 2.0)
      rails-html-sanitizer (~> 1.1, >= 1.2.0)
    active_attr (0.15.0)
      actionpack (>= 3.0.2, < 6.1)
      activemodel (>= 3.0.2, < 6.1)
      activesupport (>= 3.0.2, < 6.1)
    activejob (6.0.3.4)
      activesupport (= 6.0.3.4)
      globalid (>= 0.3.6)
    activemodel (6.0.3.4)
      activesupport (= 6.0.3.4)
    activemodel-serializers-xml (1.0.2)
      activemodel (> 5.x)
      activesupport (> 5.x)
      builder (~> 3.1)
    activerecord (6.0.3.4)
      activemodel (= 6.0.3.4)
      activesupport (= 6.0.3.4)
    activerecord-jdbc-adapter (60.2-java)
      activerecord (~> 6.0.0)
    activerecord-jdbcsqlite3-adapter (60.2-java)
      activerecord-jdbc-adapter (= 60.2)
      jdbc-sqlite3 (~> 3.8, < 3.30)
    activerecord-nulldb-adapter (0.4.0)
      activerecord (>= 2.0.0)
    activerecord-oracle_enhanced-adapter (6.0.4)
      activerecord (~> 6.0.0)
      ruby-plsql (>= 0.6.0)
    activeresource (5.1.1)
      activemodel (>= 5.0, < 7)
      activemodel-serializers-xml (~> 1.0)
      activesupport (>= 5.0, < 7)
    activestorage (6.0.3.4)
      actionpack (= 6.0.3.4)
      activejob (= 6.0.3.4)
      activerecord (= 6.0.3.4)
      marcel (~> 0.3.1)
    activesupport (6.0.3.4)
      concurrent-ruby (~> 1.0, >= 1.0.2)
      i18n (>= 0.7, < 2)
      minitest (~> 5.1)
      tzinfo (~> 1.1)
      zeitwerk (~> 2.2, >= 2.2.2)
    addressable (2.7.0)
      public_suffix (>= 2.0.2, < 5.0)
    builder (3.2.4)
    cancan (1.6.10)
    capistrano (2.15.5)
      highline
      net-scp (>= 1.0.0)
      net-sftp (>= 2.0.0)
      net-ssh (>= 2.0.14)
      net-ssh-gateway (>= 1.1.0)
    childprocess (3.0.0)
    columnize (0.9.0)
    concurrent-ruby (1.1.7)
    connection_pool (2.2.3)
    crack (0.4.4)
    crass (1.0.6)
    dalli (2.7.11)
    data_magic (1.2)
      faker (>= 1.1.2)
      yml_reader (>= 0.6)
    declarative (0.0.20)
    declarative-option (0.1.0)
    diff-lcs (1.4.4)
    docile (1.3.2)
    erubi (1.9.0)
    factory_bot (6.1.0)
      activesupport (>= 5.0.0)
    factory_bot_rails (6.1.0)
      factory_bot (~> 6.1.0)
      railties (>= 5.0.0)
    faker (2.14.0)
      i18n (>= 1.6, < 2)
    faraday (0.17.3)
      multipart-post (>= 1.2, < 3)
    globalid (0.4.2)
      activesupport (>= 4.2.0)
    google-api-client (0.31.0)
      addressable (~> 2.5, >= 2.5.1)
      googleauth (>= 0.5, < 0.10.0)
      httpclient (>= 2.8.1, < 3.0)
      mini_mime (~> 1.0)
      representable (~> 3.0)
      retriable (>= 2.0, < 4.0)
      signet (~> 0.10)
    googleauth (0.9.0)
      faraday (~> 0.12)
      jwt (>= 1.4, < 3.0)
      memoist (~> 0.16)
      multi_json (~> 1.11)
      os (>= 0.9, < 2.0)
      signet (~> 0.7)
    hashdiff (1.0.1)
    hashie (4.1.0)
    highline (2.0.3)
    httparty (0.18.1)
      mime-types (~> 3.0)
      multi_xml (>= 0.5.2)
    httpclient (2.8.3)
    i18n (1.8.5)
      concurrent-ruby (~> 1.0)
    icalendar (2.6.1)
      ice_cube (~> 0.16)
    ice_cube (0.16.3)
    jdbc-sqlite3 (3.28.0)
    jruby-jars (9.2.13.0)
    jruby-openssl (0.10.4-java)
    jruby-rack (1.1.21)
    json (2.3.1-java)
    jwt (2.2.2)
    kaminari (1.2.1)
      activesupport (>= 4.1.0)
      kaminari-actionview (= 1.2.1)
      kaminari-activerecord (= 1.2.1)
      kaminari-core (= 1.2.1)
    kaminari-actionview (1.2.1)
      actionview
      kaminari-core (= 1.2.1)
    kaminari-activerecord (1.2.1)
      activerecord
      kaminari-core (= 1.2.1)
    kaminari-core (1.2.1)
    linecache (1.3.1-java)
    link_header (0.0.8)
    log4r (1.1.10)
    loofah (2.7.0)
      crass (~> 1.0.2)
      nokogiri (>= 1.5.9)
    mail (2.7.1)
      mini_mime (>= 0.1.1)
    marcel (0.3.3)
      mimemagic (~> 0.3.2)
    memoist (0.16.2)
    method_source (1.0.0)
    mime-types (3.3.1)
      mime-types-data (~> 3.2015)
    mime-types-data (3.2020.0512)
    mimemagic (0.3.5)
    mini_mime (1.0.2)
    minitest (5.14.2)
    multi_json (1.15.0)
    multi_xml (0.6.0)
    multipart-post (2.1.1)
    net-ldap (0.16.3)
    net-scp (3.0.0)
      net-ssh (>= 2.6.5, < 7.0.0)
    net-sftp (3.0.0)
      net-ssh (>= 5.0.0, < 7.0.0)
    net-ssh (5.0.2)
    net-ssh-gateway (2.0.0)
      net-ssh (>= 4.0.0)
    net-telnet (0.2.0)
    nio4r (2.5.4-java)
    nokogiri (1.10.10-java)
    omniauth (1.9.1)
      hashie (>= 3.4.6)
      rack (>= 1.6.2, < 3)
    os (1.1.1)
    page-object (2.2.6)
      page_navigation (>= 0.10)
      selenium-webdriver (~> 3.0)
      watir (~> 6.8)
    page_navigation (0.10)
      data_magic (>= 0.22)
    power_assert (1.2.0)
    public_suffix (4.0.6)
    puma (5.0.2-java)
      nio4r (~> 2.0)
    pundit (0.3.0)
      activesupport (>= 3.0.0)
    rack (2.2.3)
    rack-test (1.1.0)
      rack (>= 1.0, < 3)
    rails (6.0.3.4)
      actioncable (= 6.0.3.4)
      actionmailbox (= 6.0.3.4)
      actionmailer (= 6.0.3.4)
      actionpack (= 6.0.3.4)
      actiontext (= 6.0.3.4)
      actionview (= 6.0.3.4)
      activejob (= 6.0.3.4)
      activemodel (= 6.0.3.4)
      activerecord (= 6.0.3.4)
      activestorage (= 6.0.3.4)
      activesupport (= 6.0.3.4)
      bundler (>= 1.3.0)
      railties (= 6.0.3.4)
      sprockets-rails (>= 2.0.0)
    rails-dom-testing (2.0.3)
      activesupport (>= 4.2.0)
      nokogiri (>= 1.6)
    rails-html-sanitizer (1.3.0)
      loofah (~> 2.3)
    rails-perftest (0.0.7)
    railties (6.0.3.4)
      actionpack (= 6.0.3.4)
      activesupport (= 6.0.3.4)
      method_source
      rake (>= 0.8.7)
      thor (>= 0.20.3, < 2.0)
    rake (13.0.1)
    regexp_parser (1.8.2)
    representable (3.0.4)
      declarative (< 0.1.0)
      declarative-option (< 0.2.0)
      uber (< 0.2.0)
    retriable (3.1.2)
    rspec-collection_matchers (1.2.0)
      rspec-expectations (>= 2.99.0.beta1)
    rspec-core (3.9.3)
      rspec-support (~> 3.9.3)
    rspec-expectations (3.9.2)
      diff-lcs (>= 1.2.0, < 2.0)
      rspec-support (~> 3.9.0)
    rspec-its (1.3.0)
      rspec-core (>= 3.0.0)
      rspec-expectations (>= 3.0.0)
    rspec-mocks (3.9.1)
      diff-lcs (>= 1.2.0, < 2.0)
      rspec-support (~> 3.9.0)
    rspec-rails (4.0.1)
      actionpack (>= 4.2)
      activesupport (>= 4.2)
      railties (>= 4.2)
      rspec-core (~> 3.9)
      rspec-expectations (~> 3.9)
      rspec-mocks (~> 3.9)
      rspec-support (~> 3.9)
    rspec-support (3.9.3)
    rspec_junit_formatter (0.4.1)
      rspec-core (>= 2, < 4, != 2.12.0)
    ruby-debug (0.11.0)
      columnize (>= 0.1)
      linecache (~> 1.3.1)
      ruby-debug-base (~> 0.11.0.0)
    ruby-debug-base (0.11.0-java)
    ruby-debug-ide (0.7.2)
      rake (>= 0.8.1)
    ruby-plsql (0.7.1)
    rubyzip (1.3.0)
    rvm-capistrano (1.3.4)
      capistrano (>= 2.0.0)
    secure_headers (6.3.1)
    selenium-webdriver (3.142.7)
      childprocess (>= 0.5, < 4.0)
      rubyzip (>= 1.2.2)
    signet (0.14.0)
      addressable (~> 2.3)
      faraday (>= 0.17.3, < 2.0)
      jwt (>= 1.5, < 3.0)
      multi_json (~> 1.10)
    simplecov (0.19.0)
      docile (~> 1.1)
      simplecov-html (~> 0.11)
    simplecov-html (0.12.3)
    sprockets (4.0.2)
      concurrent-ruby (~> 1.0)
      rack (> 1, < 3)
    sprockets-rails (3.2.2)
      actionpack (>= 4.0)
      activesupport (>= 4.0)
      sprockets (>= 3.0.0)
    test-unit (3.3.6)
      power_assert
    thor (1.0.1)
    thread_safe (0.3.6-java)
    tzinfo (1.2.7)
      thread_safe (~> 0.1)
    uber (0.1.0)
    warbler (2.0.5)
      jruby-jars (>= 9.0.0.0)
      jruby-rack (>= 1.1.1, < 1.3)
      rake (>= 10.1.0)
      rubyzip (~> 1.0, < 1.4)
    watir (6.17.0)
      regexp_parser (~> 1.2)
      selenium-webdriver (~> 3.6)
    webmock (3.8.3)
      addressable (>= 2.3.6)
      crack (>= 0.3.2)
      hashdiff (>= 0.4.0, < 2.0.0)
    websocket-driver (0.7.3-java)
      websocket-extensions (>= 0.1.0)
    websocket-extensions (0.1.5)
    yml_reader (0.7)
    zeitwerk (2.4.0)

PLATFORMS
  java

DEPENDENCIES
  active_attr (~> 0.15.0)
  activerecord-jdbc-adapter (= 60.2)
  activerecord-jdbcsqlite3-adapter (= 60.2)
  activerecord-nulldb-adapter (~> 0.4.0)
  activerecord-oracle_enhanced-adapter (~> 6.0.2)
  activeresource (~> 5.1.1)
  addressable (~> 2.7.0)
  cancan (~> 1.6.10)
  capistrano (= 2.15.5)
  concurrent-ruby (~> 1.1.7)
  connection_pool (~> 2.2.3)
  dalli (~> 2.7.11)
  factory_bot_rails
  faker
  google-api-client (~> 0.31.0)
  googleauth (~> 0.9.0)
  httparty (~> 0.18.1)
  icalendar (~> 2.6.1)
  jruby-activemq (~> 5.13.0)!
  jruby-jars (= 9.2.13.0)
  jruby-openssl (= 0.10.4)
  json (~> 2.3.1)
  kaminari (~> 1.2.1)
  link_header (~> 0.0.8)
  log4r (~> 1.1.10)
  net-ldap (~> 0.16.3)
  net-ssh (= 5.0.2)
  net-telnet (~> 0.2.0)
  nokogiri (~> 1.10.10)
  omniauth-cas (~> 1.1.1)!
  page-object (~> 2.2.6)
  puma
  pundit (~> 0.3.0)
  rails (= 6.0.3.4)
  rails-perftest (~> 0.0.7)
  rake
  retriable (~> 3.1.2)
  rspec-collection_matchers (~> 1.2.0)
  rspec-its (~> 1.3.0)
  rspec-rails (~> 4.0.1)
  rspec_junit_formatter (~> 0.4.1)
  ruby-debug (>= 0.10.5.rc9)
  ruby-debug-ide (~> 0.7.0)
  rvm-capistrano (= 1.3.4)
  secure_headers (~> 6.3.1)
  simplecov (~> 0.19.0)
  simplecov-html (~> 0.12.2)
  test-unit
  warbler (~> 2.0.5)
  webmock (~> 3.8.3)

BUNDLED WITH
   2.1.4
